GEM
  remote: http://rubygems.org/
  specs:
    childprocess (0.2.2)
      ffi (~> 1.0.6)
    diff-lcs (1.1.3)
    ffi (1.0.10)
    git (1.2.5)
    jasmine (1.1.2)
      jasmine-core (>= 1.1.0)
      rack (>= 1.1)
      rspec (>= 1.3.1)
      selenium-webdriver (>= 0.1.3)
    jasmine-core (1.1.0)
    jeweler (1.5.2)
      bundler (~> 1.0.0)
      git (>= 1.2.5)
      rake
    json_pure (1.6.1)
    rack (1.3.5)
    rake (0.9.2.2)
    rcov (0.9.11)
    rspec (2.3.0)
      rspec-core (~> 2.3.0)
      rspec-expectations (~> 2.3.0)
      rspec-mocks (~> 2.3.0)
    rspec-core (2.3.1)
    rspec-expectations (2.3.0)
      diff-lcs (~> 1.1.2)
    rspec-mocks (2.3.0)
    rubyzip (0.9.4)
    selenium-webdriver (2.12.1)
      childprocess (>= 0.2.1)
      ffi (~> 1.0.9)
      json_pure
      rubyzip

PLATFORMS
  ruby

DEPENDENCIES
  bundler (~> 1.0.0)
  jasmine
  jeweler (~> 1.5.2)
  rake
  rcov
  rspec (~> 2.3.0)
